GEM
  remote: http://rubygems.org/
  specs:
    ZenTest (4.4.2)
    autotest-growl (0.2.8)
    diff-lcs (1.1.2)
    rspec (2.5.0)
      rspec-core (~> 2.5.0)
      rspec-expectations (~> 2.5.0)
      rspec-mocks (~> 2.5.0)
    rspec-core (2.5.1)
    rspec-expectations (2.5.0)
      diff-lcs (~> 1.1.2)
    rspec-mocks (2.5.0)

PLATFORMS
  ruby

DEPENDENCIES
  ZenTest (= 4.4.2)
  autotest-growl (= 0.2.8)
  rspec (= 2.5.0)
